GEM
  remote: https://rubygems.org/
  specs:
    ansi (1.4.3)
    backports (3.3.3)
    coffee-script (2.2.0)
      coffee-script-source
      execjs
    coffee-script-source (1.6.3)
    daemons (1.1.9)
    eventmachine (1.0.3)
    execjs (2.0.1)
    hike (1.2.3)
    json (1.8.0)
    minitest (5.0.6)
    multi_json (1.7.9)
    rack (1.5.2)
    rack-protection (1.5.0)
      rack
    rack-test (0.6.2)
      rack (>= 1.0)
    sass (3.2.10)
    sinatra (1.4.3)
      rack (~> 1.4)
      rack-protection (~> 1.4)
      tilt (~> 1.3, >= 1.3.4)
    sinatra-contrib (1.4.1)
      backports (>= 2.0)
      multi_json
      rack-protection
      rack-test
      sinatra (~> 1.4.0)
      tilt (~> 1.3)
    slim (2.0.1)
      temple (~> 0.6.6)
      tilt (>= 1.3.3, < 2.1)
    sprockets (2.10.0)
      hike (~> 1.2)
      multi_json (~> 1.0)
      rack (~> 1.0)
      tilt (~> 1.1, != 1.3.0)
    temple (0.6.6)
    thin (1.5.1)
      daemons (>= 1.0.9)
      eventmachine (>= 0.12.6)
      rack (>= 1.0.0)
    tilt (1.4.1)
    turn (0.9.6)
      ansi

PLATFORMS
  ruby

DEPENDENCIES
  coffee-script
  json
  minitest
  sass
  sinatra
  sinatra-contrib
  slim
  sprockets
  thin
  turn
